GEM
  remote: https://rubygems.org/
  specs:
    ffi (1.9.3)
    ffi-rzmq (2.0.1)
      ffi-rzmq-core (>= 1.0.1)
    ffi-rzmq-core (1.0.2)
      ffi (~> 1.9)
    rake (10.1.1)

PLATFORMS
  ruby

DEPENDENCIES
  ffi-rzmq
  rake
